GEM
  remote: https://rubygems.org/
  specs:
    contextio (1.7.2)
      faraday (~> 0.8.0)
      faraday_middleware (~> 0.9.0)
      simple_oauth (~> 0.2.0)
    faraday (0.8.9)
      multipart-post (~> 1.2.0)
    faraday_middleware (0.9.1)
      faraday (>= 0.7.4, < 0.10)
    multipart-post (1.2.0)
    simple_oauth (0.2.0)

PLATFORMS
  ruby

DEPENDENCIES
  contextio (~> 1.7.2)
